GEM
  remote: https://rubygems.org/
  specs:
    coderay (1.1.2)
    kramdown (1.17.0)
    method_source (0.9.2)
    mini_portile2 (2.3.0)
    nokogiri (1.8.5)
      mini_portile2 (~> 2.3.0)
    power_assert (1.1.3)
    pry (0.12.2)
      coderay (~> 1.1.0)
      method_source (~> 0.9.0)
    test-unit (3.2.9)
      power_assert

PLATFORMS
  ruby

DEPENDENCIES
  kramdown!
  nokogiri!
  pry!
  test-unit!

BUNDLED WITH
   1.16.3
